GEM
  remote: https://rubygems.org/
  specs:
    coderay (1.1.2)
    method_source (0.9.2)
    net-ssh (7.0.1)
    pry (0.12.2)
      coderay (~> 1.1.0)
      method_source (~> 0.9.0)
    rake (12.3.2)

PLATFORMS
  ruby

DEPENDENCIES
  net-ssh
  pry
  rake

BUNDLED WITH
   1.17.2
