GEM
  remote: https://rubygems.org/
  specs:
    coderay (1.1.3)
    method_source (1.0.0)
    net-ssh (7.0.1)
    pry (0.14.1)
      coderay (~> 1.1)
      method_source (~> 1.0)
    rake (13.0.6)

PLATFORMS
  ruby

DEPENDENCIES
  net-ssh
  pry
  rake

BUNDLED WITH
   2.3.26
