GEM
  remote: https://rubygems.org/
  specs:
    coderay (1.1.2)
    method_source (0.9.2)
    mina (0.3.8)
      open4 (~> 1.3.4)
      rake
    mina-scp (0.1.2)
    open4 (1.3.4)
    pry (0.12.2)
      coderay (~> 1.1.0)
      method_source (~> 0.9.0)
    rake (12.3.3)

PLATFORMS
  ruby

DEPENDENCIES
  mina (= 0.3.8)
  mina-scp (= 0.1.2)
  pry
  rake

BUNDLED WITH
   1.17.2
