GEM
  remote: https://rubygems.org/
  specs:
    addressable (2.6.0)
      public_suffix (>= 2.0.2, < 4.0)
    capybara (3.22.0)
      addressable
      mini_mime (>= 0.1.3)
      nokogiri (~> 1.8)
      rack (>= 1.6.0)
      rack-test (>= 0.6.3)
      regexp_parser (~> 1.5)
      xpath (~> 3.2)
    childprocess (1.0.1)
      rake (< 13.0)
    coderay (1.1.2)
    diff-lcs (1.3)
    ffaker (2.11.0)
    ffi (1.11.1)
    ffi-compiler (1.0.1)
      ffi (>= 1.0.0)
      rake
    inifile (3.0.0)
    launchy (2.4.3)
      addressable (~> 2.3)
    method_source (0.9.2)
    mina (0.3.8)
      open4 (~> 1.3.4)
      rake
    mina-scp (0.1.2)
    mini_mime (1.0.1)
    mini_portile2 (2.6.1)
    nokogiri (1.12.5)
      mini_portile2 (~> 2.6.1)
      racc (~> 1.4)
    open4 (1.3.4)
    pg (1.1.4)
    pry (0.12.2)
      coderay (~> 1.1.0)
      method_source (~> 0.9.0)
    public_suffix (3.1.0)
    racc (1.5.2)
    rack (2.0.8)
    rack-test (1.1.0)
      rack (>= 1.0, < 3)
    rake (12.3.2)
    regexp_parser (1.5.1)
    rspec (3.8.0)
      rspec-core (~> 3.8.0)
      rspec-expectations (~> 3.8.0)
      rspec-mocks (~> 3.8.0)
    rspec-core (3.8.0)
      rspec-support (~> 3.8.0)
    rspec-expectations (3.8.3)
      diff-lcs (>= 1.2.0, < 2.0)
      rspec-support (~> 3.8.0)
    rspec-mocks (3.8.0)
      diff-lcs (>= 1.2.0, < 2.0)
      rspec-support (~> 3.8.0)
    rspec-support (3.8.0)
    rubyzip (1.3.0)
    scrypt (3.0.6)
      ffi-compiler (>= 1.0, < 2.0)
    selenium-webdriver (3.142.3)
      childprocess (>= 0.5, < 2.0)
      rubyzip (~> 1.2, >= 1.2.2)
    sequel (5.20.0)
    xpath (3.2.0)
      nokogiri (~> 1.8)

PLATFORMS
  ruby

DEPENDENCIES
  capybara
  ffaker
  inifile
  launchy
  mina (= 0.3.8)
  mina-scp (= 0.1.2)
  pg
  pry
  rake
  rspec
  scrypt
  selenium-webdriver
  sequel

BUNDLED WITH
   1.17.2
